GEM
  remote: https://rubygems.org/
  specs:
    aws-sdk (2.9.11)
      aws-sdk-resources (= 2.9.11)
    aws-sdk-core (2.9.11)
      aws-sigv4 (~> 1.0)
      jmespath (~> 1.0)
    aws-sdk-resources (2.9.11)
      aws-sdk-core (= 2.9.11)
    aws-sigv4 (1.0.0)
    coderay (1.1.1)
    jmespath (1.6.1)
    method_source (0.8.2)
    pry (0.10.4)
      coderay (~> 1.1.0)
      method_source (~> 0.8.1)
      slop (~> 3.4)
    slop (3.6.0)

PLATFORMS
  ruby

DEPENDENCIES
  aws-sdk
  pry

BUNDLED WITH
   1.14.4
