GEM
  remote: https://rubygems.org/
  specs:
    slop (4.4.1)

PLATFORMS
  ruby

DEPENDENCIES
  slop

BUNDLED WITH
   1.13.7
